GIT
  remote: git://github.com/AVGTechnologies/travis-core.git
  revision: 1d60188446e12fe9d4b29276dc82837eadf91829
  specs:
    travis-core (0.0.1)
      actionmailer (~> 3.2.19)
      activerecord (~> 3.2.19)
      coder (~> 0.4.0)
      data_migrations (~> 0.0.1)
      gh
      hashr (~> 0.0.19)
      metriks (~> 0.9.7)
      multi_json
      pusher (~> 0.14.0)
      railties (~> 3.2.19)
      rake
      redis (~> 3.0)
      rollout (~> 1.1.0)
      s3 (~> 0.3)
      simple_states (~> 1.0.0)
      thor (~> 0.14.6)
      virtus (~> 1.0.0)

GIT
  remote: git://github.com/AVGTechnologies/tsd_utils.git
  revision: a1a92deac286b1460aa254a038bdc8ce85c5cdec
  specs:
    tsd_utils (1.0.0)
      activesupport (= 3.2.22)
      gyoku (~> 1.0)
      httparty (~> 0.13.7)
      iniparse (~> 1.4.1)
      mustache (~> 1.0)

GIT
  remote: git://github.com/final-ci/travis-config.git
  revision: e4d915685dbd714166c2052e94565832518b7171
  specs:
    travis-config (0.1.1)
      hashr (~> 0.0)

GIT
  remote: git://github.com/final-ci/travis-sidekiqs.git
  revision: e3dce4adcd41d72b87cca903a7e419af17bc258c
  specs:
    travis-sidekiqs (0.0.1)
      sidekiq

GIT
  remote: git://github.com/final-ci/travis-support.git
  revision: 4430463d774bfd076443535b2d6f9243b97e1328
  specs:
    travis-support (0.0.1)

GIT
  remote: git://github.com/ondrej-hosak/test-aggregation.git
  revision: 149ea0d4198464c74a54ad9630e8a7873a608c27
  ref: 149ea0d4198464c74a54ad9630e8a7873a608c27
  specs:
    test-aggregation (0.1.0)

GIT
  remote: git://github.com/utgarda/sidekiq-status.git
  revision: e77d5dc2ea0a249ccbbafead21ece59d6b8caf73
  ref: e77d5d
  specs:
    sidekiq-status (0.5.3)
      sidekiq (>= 2.7)

GEM
  remote: https://rubygems.org/
  specs:
    actionmailer (3.2.22)
      actionpack (= 3.2.22)
      mail (~> 2.5.4)
    actionpack (3.2.22)
      activemodel (= 3.2.22)
      activesupport (= 3.2.22)
      builder (~> 3.0.0)
      erubis (~> 2.7.0)
      journey (~> 1.0.4)
      rack (~> 1.4.5)
      rack-cache (~> 1.2)
      rack-test (~> 0.6.1)
      sprockets (~> 2.2.1)
    activemodel (3.2.22)
      activesupport (= 3.2.22)
      builder (~> 3.0.0)
    activerecord (3.2.22)
      activemodel (= 3.2.22)
      activesupport (= 3.2.22)
      arel (~> 3.0.2)
      tzinfo (~> 0.3.29)
    activesupport (3.2.22)
      i18n (~> 0.6, >= 0.6.4)
      multi_json (~> 1.0)
    addressable (2.4.0)
    amq-protocol (2.0.1)
    arel (3.0.3)
    atomic (1.1.99)
    avl_tree (1.2.1)
      atomic (~> 1.1)
    axiom-types (0.1.1)
      descendants_tracker (~> 0.0.4)
      ice_nine (~> 0.11.0)
      thread_safe (~> 0.3, >= 0.3.1)
    backports (3.6.8)
    builder (3.0.4)
    bunny (2.3.0)
      amq-protocol (>= 2.0.1)
    coder (0.4.0)
    coercible (1.0.0)
      descendants_tracker (~> 0.0.1)
    concurrent-ruby (1.0.1)
    connection_pool (2.2.0)
    data_migrations (0.0.1)
      activerecord
      rake
    database_cleaner (1.4.1)
    descendants_tracker (0.0.4)
      thread_safe (~> 0.3, >= 0.3.1)
    diff-lcs (1.2.5)
    equalizer (0.0.11)
    erubis (2.7.0)
    factory_girl (2.6.4)
      activesupport (>= 2.3.9)
    fakefs (0.8.1)
    faraday (0.9.2)
      multipart-post (>= 1.2, < 3)
    ffi (1.9.10)
    gh (0.14.0)
      addressable
      backports
      faraday (~> 0.8)
      multi_json (~> 1.0)
      net-http-persistent (>= 2.7)
      net-http-pipeline
    git-version-bump (0.15.1)
    gyoku (1.3.1)
      builder (>= 2.1.2)
    hashr (0.0.22)
    hike (1.2.3)
    hitimes (1.2.4)
    httparty (0.13.7)
      json (~> 1.8)
      multi_xml (>= 0.5.2)
    httpclient (2.8.2.2)
    i18n (0.7.0)
    ice_nine (0.11.2)
    iniparse (1.4.2)
    journey (1.0.4)
    json (1.8.3)
    listen (3.0.6)
      rb-fsevent (>= 0.9.3)
      rb-inotify (>= 0.9.7)
    mail (2.5.4)
      mime-types (~> 1.16)
      treetop (~> 1.4.8)
    metriks (0.9.9.7)
      atomic (~> 1.0)
      avl_tree (~> 1.2.0)
      hitimes (~> 1.1)
    metriks-librato_metrics (1.0.5)
      metriks (>= 0.9.9.6)
    micro_migrations (0.0.2)
      activerecord
      railties
    mime-types (1.25.1)
    multi_json (1.12.1)
    multi_xml (0.5.5)
    multipart-post (2.0.0)
    mustache (1.0.3)
    net-http-persistent (2.9.4)
    net-http-pipeline (1.0.1)
    pg (0.18.4)
    polyglot (0.3.5)
    proxies (0.2.1)
    puma (3.1.0)
    pusher (0.14.6)
      httpclient (~> 2.5)
      multi_json (~> 1.0)
      pusher-signature (~> 0.1.8)
    pusher-signature (0.1.8)
    rack (1.4.7)
    rack-cache (1.6.1)
      rack (>= 0.4)
    rack-contrib (1.4.0)
      git-version-bump (~> 0.15)
      rack (~> 1.4)
    rack-protection (1.5.3)
      rack
    rack-ssl (1.3.4)
      rack
    rack-test (0.6.3)
      rack (>= 1.0)
    railties (3.2.22)
      actionpack (= 3.2.22)
      activesupport (= 3.2.22)
      rack-ssl (~> 1.3.2)
      rake (>= 0.8.7)
      rdoc (~> 3.4)
      thor (>= 0.14.6, < 2.0)
    rake (11.2.2)
    rb-fsevent (0.9.7)
    rb-inotify (0.9.7)
      ffi (>= 0.5.0)
    rdoc (3.12.2)
      json (~> 1.4)
    redis (3.3.1)
    rerun (0.11.0)
      listen (~> 3.0)
    rollout (1.1.0)
    rspec (3.4.0)
      rspec-core (~> 3.4.0)
      rspec-expectations (~> 3.4.0)
      rspec-mocks (~> 3.4.0)
    rspec-core (3.4.4)
      rspec-support (~> 3.4.0)
    rspec-expectations (3.4.0)
      diff-lcs (>= 1.2.0, < 2.0)
      rspec-support (~> 3.4.0)
    rspec-mocks (3.4.1)
      diff-lcs (>= 1.2.0, < 2.0)
      rspec-support (~> 3.4.0)
    rspec-support (3.4.1)
    s3 (0.3.24)
      proxies (~> 0.2.0)
    sentry-raven (0.15.6)
      faraday (>= 0.7.6)
    sidekiq (4.1.1)
      concurrent-ruby (~> 1.0)
      connection_pool (~> 2.2, >= 2.2.0)
      redis (~> 3.2, >= 3.2.1)
    simple_states (1.0.1)
      activesupport
      hashr (~> 0.0.10)
    sinatra (1.4.6)
      rack (~> 1.4)
      rack-protection (~> 1.4)
      tilt (>= 1.3, < 3)
    sinatra-contrib (1.4.6)
      backports (>= 2.0)
      multi_json
      rack-protection
      rack-test
      sinatra (~> 1.4.0)
      tilt (>= 1.3, < 3)
    sprockets (2.2.3)
      hike (~> 1.2)
      multi_json (~> 1.0)
      rack (~> 1.0)
      tilt (~> 1.1, != 1.3.0)
    stash-client (0.1.0)
      addressable
      faraday
    thor (0.14.6)
    thread_safe (0.3.5)
    tilt (1.4.1)
    treetop (1.4.15)
      polyglot
      polyglot (>= 0.3.1)
    tzinfo (0.3.51)
    virtus (1.0.5)
      axiom-types (~> 0.1)
      coercible (~> 1.0)
      descendants_tracker (~> 0.0, >= 0.0.3)
      equalizer (~> 0.0, >= 0.0.9)

PLATFORMS
  ruby

DEPENDENCIES
  activesupport
  bunny
  connection_pool
  database_cleaner (~> 1.4.1)
  factory_girl (~> 2.6.0)
  fakefs
  metriks
  metriks-librato_metrics
  micro_migrations
  pg
  puma
  rack
  rack-cache
  rack-contrib
  rerun
  rspec
  sentry-raven
  sidekiq-status!
  sinatra (~> 1.4.6)
  sinatra-contrib (~> 1.4.4)
  stash-client
  test-aggregation!
  travis-config!
  travis-core!
  travis-sidekiqs!
  travis-support!
  tsd_utils!

RUBY VERSION
   ruby 2.2.2p95

BUNDLED WITH
   1.12.4
